STORAGE: PACKAGES
NUGET
  remote: https://api.nuget.org/v3/index.json
    FSharp.Core (8.0.100) - restriction: >= netstandard2.0
    FSharpx.Collections (3.1)
      FSharp.Core (>= 4.3.4) - restriction: >= netstandard2.0
